GEM
  remote: https://rubygems.org/
  specs:
    concurrent-ruby (1.2.2)
    connection_pool (2.3.0)
    mini_portile2 (2.4.0)
    nokogiri (1.10.10)
      mini_portile2 (~> 2.4.0)

PLATFORMS
  x86_64-linux

DEPENDENCIES
  concurrent-ruby
  connection_pool
  nokogiri

BUNDLED WITH
   2.3.26
